NUGET
  remote: https://www.nuget.org/api/v2
    Microsoft.AspNet.WebApi (5.2.7) - restriction: >= net46
      Microsoft.AspNet.WebApi.WebHost (>= 5.2.7 < 5.3)
    Microsoft.AspNet.WebApi.Client (5.2.7) - restriction: >= net46
      Newtonsoft.Json (>= 6.0.4) - restriction: || (>= net45) (&& (< netstandard2.0) (>= portable-net45+win8+wp8+wp81+wpa81))
    Microsoft.AspNet.WebApi.Core (5.2.7) - restriction: >= net46
      Microsoft.AspNet.WebApi.Client (>= 5.2.7)
    Microsoft.AspNet.WebApi.OData (5.7) - restriction: >= net46
      Microsoft.AspNet.WebApi.Client (>= 5.2.2)
      Microsoft.AspNet.WebApi.Core (>= 5.2.2 < 5.3)
      Microsoft.Data.OData (>= 5.6)
    Microsoft.AspNet.WebApi.WebHost (5.2.7) - restriction: >= net46
      Microsoft.AspNet.WebApi.Core (>= 5.2.7 < 5.3)
    Microsoft.Data.Edm (5.8.4) - restriction: >= net46
    Microsoft.Data.OData (5.8.4) - restriction: >= net46
      Microsoft.Data.Edm (5.8.4)
      System.Spatial (5.8.4)
    Microsoft.Web.Infrastructure (1.0) - restriction: >= net46
    Microsoft.Web.Xdt (3.0) - restriction: >= net46
    Newtonsoft.Json (12.0.1) - restriction: >= net46
    NuGet.Core (2.14) - restriction: >= net46
      Microsoft.Web.Xdt (>= 2.1)
    NuGet.Server (3.1.2)
      Microsoft.AspNet.WebApi (>= 5.2.3) - restriction: >= net46
      Microsoft.AspNet.WebApi.OData (>= 5.7) - restriction: >= net46
      Microsoft.Web.Xdt (>= 2.1.1) - restriction: >= net46
      NuGet.Core (>= 2.14) - restriction: >= net46
      NuGet.Server.Core (>= 3.1.2) - restriction: >= net46
      NuGet.Server.V2 (>= 3.1.2) - restriction: >= net46
      WebActivatorEx (>= 2.2) - restriction: >= net46
    NuGet.Server.Core (3.1.2) - restriction: >= net46
      Microsoft.Web.Xdt (>= 2.1.1)
      Newtonsoft.Json (>= 9.0.1)
      NuGet.Core (>= 2.14)
    NuGet.Server.V2 (3.1.2) - restriction: >= net46
      Microsoft.AspNet.WebApi.Client (>= 5.2.3)
      Microsoft.AspNet.WebApi.Core (>= 5.2.3)
      Microsoft.AspNet.WebApi.OData (>= 5.7)
      Microsoft.Data.Edm (>= 5.7)
      Microsoft.Data.OData (>= 5.7)
      Microsoft.Web.Xdt (>= 2.1.1)
      Newtonsoft.Json (>= 9.0.1)
      NuGet.Core (>= 2.14)
      NuGet.Server.Core (>= 3.1.2)
      System.Spatial (>= 5.7)
    System.Spatial (5.8.4) - restriction: >= net46
    WebActivatorEx (2.2) - restriction: >= net46
      Microsoft.Web.Infrastructure (>= 1.0)
